ObjectType = Image
NDims = 2
BinaryData = True
BinaryDataByteOrderMSB = False
CompressedData = False
TransformMatrix = 1  0  0  1
CenterOfRotation = 0  0
AnatomicalOrientation = RAI
Offset = 0  0
ElementSpacing = 25  25
DimSize = 320  456
ElementNumberOfChannels = 1
ElementType = MET_UCHAR
ElementDataFile = testInput.raw
