ObjectType = Image
NDims = 2
BinaryData = True
BinaryDataByteOrderMSB = False
CompressedData = False
TransformMatrix = 1 0 0 1
Offset = 0 0
CenterOfRotation = 0 0
ElementSpacing = 25 25
DimSize = 320 456
AnatomicalOrientation = ??
ElementType = MET_UINT
ElementDataFile = testAnnoOut.raw
